GEM
  remote: https://rubygems.org/
  specs:
    sqlite3 (1.3.10)

PLATFORMS
  ruby

DEPENDENCIES
  sqlite3

BUNDLED WITH
   1.11.2
